GEM
  remote: https://rubygems.org/
  specs:
    coderay (1.1.2)
    dotenv (2.2.1)
    method_source (0.9.0)
    pry (0.11.1)
      coderay (~> 1.1.0)
      method_source (~> 0.9.0)
    slack-notifier (2.3.1)

PLATFORMS
  ruby

DEPENDENCIES
  dotenv
  pry
  slack-notifier

BUNDLED WITH
   1.15.4
